{
    "Modality": "MR",
    "MagneticFieldStrength": 3,
    "ImagingFrequency": 123.148292,
    "Manufacturer": "Siemens",
    "ManufacturersModelName": "Prisma_fit",
    "InstitutionName": "FIL",
    "InstitutionalDepartmentName": "Department",
    "InstitutionAddress": "Queen Square 12,London,Southeast,GB,WC1N 3BG",
    "DeviceSerialNumber": "167032",
    "StationName": "MRC35463",
    "BodyPartExamined": "BRAIN",
    "PatientPosition": "HFS",
    "ProcedureStepDescription": "FIL^AlexBilig",
    "SoftwareVersions": "syngo MR E11",
    "MRAcquisitionType": "2D",
    "SeriesDescription": "gre_field_mapping_1acq_rl_2d",
    "ProtocolName": "gre_field_mapping_1acq_rl_2d",
    "ScanningSequence": "GR",
    "SequenceVariant": "SP",
    "SequenceName": "*fm2d2r",
    "ImageType": [
        "ORIGINAL",
        "PRIMARY",
        "P",
        "ND",
        "PHASE"
    ],
    "NonlinearGradientCorrection": false,
    "SeriesNumber": 5,
    "AcquisitionTime": "11:16:31.465000",
    "AcquisitionNumber": 1,
    "SliceThickness": 2,
    "SpacingBetweenSlices": 3,
    "SAR": 0.180772,
    "EchoNumber": 2,
    "EchoTime": 0.01246,
    "RepetitionTime": 1.02,
    "FlipAngle": 90,
    "EchoTime1": 0.01,
    "EchoTime2": 0.01246,
    "PartialFourier": 1,
    "BaseResolution": 64,
    "ShimSetting": [
        -154,
        -11675,
        -9032,
        362,
        72,
        -150,
        -105,
        31
    ],
    "TxRefAmp": 234.749,
    "PhaseResolution": 1,
    "ReceiveCoilName": "Head_32",
    "ReceiveCoilActiveElements": "HEA;HEP",
    "PulseSequenceDetails": "%SiemensSeq%\\gre_field_mapping",
    "CoilCombinationMethod": "Sum of Squares",
    "ConsistencyInfo": "N4_VE11C_LATEST_20160120",
    "MatrixCoilMode": "SENSE",
    "PercentPhaseFOV": 100,
    "PercentSampling": 100,
    "PhaseEncodingSteps": 64,
    "AcquisitionMatrixPE": 64,
    "ReconMatrixPE": 64,
    "PixelBandwidth": 260,
    "DwellTime": 0.00003,
    "PhaseEncodingDirection": "i",
    "SliceTiming": [
        1.00781,
        0.98438,
        0.96875,
        0.95312,
        0.9375,
        0.92188,
        0.90625,
        0.89062,
        0.875,
        0.85938,
        0.84375,
        0.82812,
        0.8125,
        0.79688,
        0.78125,
        0.76562,
        0.75,
        0.73438,
        0.71875,
        0.70312,
        0.6875,
        0.67188,
        0.65625,
        0.63281,
        0.625,
        0.60156,
        0.58594,
        0.57031,
        0.55469,
        0.53906,
        0.52344,
        0.50781,
        0.49219,
        0.47656,
        0.46094,
        0.44531,
        0.42969,
        0.41406,
        0.39844,
        0.38281,
        0.36719,
        0.35156,
        0.33594,
        0.32031,
        0.30469,
        0.28906,
        0.27344,
        0.25781,
        0.24219,
        0.21875,
        0.20312,
        0.19531,
        0.17188,
        0.15625,
        0.14062,
        0.125,
        0.10938,
        0.09375,
        0.07812,
        0.0625,
        0.04688,
        0.03125,
        0.01562,
        0
    ],
    "ImageOrientationPatientDICOM": [
        1,
        4.897e-12,
        0,
        -4.897e-12,
        1,
        0
    ],
    "ImageOrientationText": "Tra",
    "InPlanePhaseEncodingDirectionDICOM": "ROW",
    "BidsGuess": [
        "fmap",
        "_acq-fm2_phasediff"
    ],
    "ConversionSoftware": "dcm2niix",
    "ConversionSoftwareVersion": "v1.0.20240202",
    "IntendedFor": [
        "func/sub-20_task-main_run-1_bold.nii.gz",
        "func/sub-20_task-main_run-2_bold.nii.gz",
        "func/sub-20_task-main_run-3_bold.nii.gz",
        "func/sub-20_task-main_run-4_bold.nii.gz"
    ]
}