{
    "Modality": "MR",
    "MagneticFieldStrength": 3,
    "ImagingFrequency": 123.148338,
    "Manufacturer": "Siemens",
    "ManufacturersModelName": "Prisma_fit",
    "InstitutionName": "FIL",
    "InstitutionalDepartmentName": "Department",
    "InstitutionAddress": "Queen Square 12,London,Southeast,GB,WC1N 3BG",
    "DeviceSerialNumber": "167032",
    "StationName": "MRC35463",
    "BodyPartExamined": "BRAIN",
    "PatientPosition": "HFS",
    "ProcedureStepDescription": "FIL^AlexBilig",
    "SoftwareVersions": "syngo MR E11",
    "MRAcquisitionType": "3D",
    "SeriesDescription": "nc_epi3d_v3e_3mm_48slices_1x2",
    "ProtocolName": "nc_epi3d_v3e_3mm_48slices_1x2",
    "ScanningSequence": "RM",
    "SequenceVariant": "SP",
    "SequenceName": "ep3dv3e3d1",
    "ImageType": [
        "ORIGINAL",
        "PRIMARY",
        "M",
        "ND",
        "MOSAIC"
    ],
    "NonlinearGradientCorrection": false,
    "SeriesNumber": 3,
    "AcquisitionTime": "11:37:17.592500",
    "AcquisitionNumber": 1,
    "SliceThickness": 3,
    "SpacingBetweenSlices": 3,
    "SAR": 0.0166257,
    "EchoTime": 0.0222,
    "RepetitionTime": 0.044,
    "FlipAngle": 14,
    "PartialFourier": 1,
    "BaseResolution": 64,
    "ShimSetting": [
        -187,
        -11644,
        -9030,
        523,
        -10,
        -104,
        -72,
        -26
    ],
    "TxRefAmp": 217.789,
    "PhaseResolution": 1,
    "ReceiveCoilName": "Head_32",
    "ReceiveCoilActiveElements": "HEA;HEP",
    "PulseSequenceDetails": "%CustomerSeq%\\nc_epi3d_v3e",
    "RefLinesPE": 64,
    "CoilCombinationMethod": "Sum of Squares",
    "ConsistencyInfo": "N4_VE11C_LATEST_20160120",
    "MatrixCoilMode": "GRAPPA",
    "PercentPhaseFOV": 100,
    "PercentSampling": 100,
    "PhaseEncodingSteps": 64,
    "AcquisitionMatrixPE": 64,
    "ReconMatrixPE": 64,
    "ParallelReductionFactorOutOfPlane": 2,
    "PixelBandwidth": 2300,
    "DwellTime": 0.0000034,
    "ImageOrientationPatientDICOM": [
        1,
        0,
        0,
        0,
        0.974761,
        -0.22325
    ],
    "ImageOrientationText": "Tra>Cor(-12.9)",
    "InPlanePhaseEncodingDirectionDICOM": "COL",
    "ConversionSoftware": "dcm2niix",
    "ConversionSoftwareVersion": "v1.0.20240202",
    "TaskName": "main"
}