{
    "Modality": "MR",
    "MagneticFieldStrength": 3,
    "ImagingFrequency": 123.148308,
    "Manufacturer": "Siemens",
    "ManufacturersModelName": "Prisma_fit",
    "InstitutionName": "FIL",
    "InstitutionalDepartmentName": "Department",
    "InstitutionAddress": "Queen Square 12,London,Southeast,GB,WC1N 3BG",
    "DeviceSerialNumber": "167032",
    "StationName": "MRC35463",
    "BodyPartExamined": "BRAIN",
    "PatientPosition": "HFS",
    "ProcedureStepDescription": "FIL^AlexBilig",
    "SoftwareVersions": "syngo MR E11",
    "MRAcquisitionType": "2D",
    "SeriesDescription": "gre_field_mapping_1acq_rl_2d",
    "ProtocolName": "gre_field_mapping_1acq_rl_2d",
    "ScanningSequence": "GR",
    "SequenceVariant": "SP",
    "SequenceName": "*fm2d2r",
    "ImageType": [
        "ORIGINAL",
        "PRIMARY",
        "M",
        "ND"
    ],
    "NonlinearGradientCorrection": false,
    "SeriesNumber": 5,
    "AcquisitionTime": "16:25:29.242500",
    "AcquisitionNumber": 1,
    "SliceThickness": 2,
    "SpacingBetweenSlices": 3,
    "SAR": 0.198664,
    "EchoNumber": 1,
    "EchoTime": 0.01,
    "RepetitionTime": 1.02,
    "FlipAngle": 90,
    "PartialFourier": 1,
    "BaseResolution": 64,
    "ShimSetting": [
        -166,
        -11674,
        -9010,
        580,
        61,
        -59,
        60,
        29
    ],
    "TxRefAmp": 230.632,
    "PhaseResolution": 1,
    "ReceiveCoilName": "Head_32",
    "ReceiveCoilActiveElements": "HEA;HEP",
    "PulseSequenceDetails": "%SiemensSeq%\\gre_field_mapping",
    "CoilCombinationMethod": "Sum of Squares",
    "ConsistencyInfo": "N4_VE11C_LATEST_20160120",
    "MatrixCoilMode": "SENSE",
    "PercentPhaseFOV": 100,
    "PercentSampling": 100,
    "PhaseEncodingSteps": 64,
    "AcquisitionMatrixPE": 64,
    "ReconMatrixPE": 64,
    "PixelBandwidth": 260,
    "DwellTime": 0.00003,
    "PhaseEncodingDirection": "i",
    "SliceTiming": [
        1.01562,
        0.98438,
        0.96875,
        0.95312,
        0.9375,
        0.92188,
        0.90625,
        0.89062,
        0.875,
        0.85938,
        0.84375,
        0.82812,
        0.8125,
        0.79688,
        0.78125,
        0.76562,
        0.75,
        0.73438,
        0.71875,
        0.70312,
        0.6875,
        0.67188,
        0.65625,
        0.64062,
        0.625,
        0.60938,
        0.59375,
        0.57812,
        0.5625,
        0.54688,
        0.53125,
        0.51562,
        0.5,
        0.48438,
        0.46875,
        0.45312,
        0.4375,
        0.42188,
        0.40625,
        0.39062,
        0.375,
        0.35938,
        0.34375,
        0.32812,
        0.3125,
        0.29688,
        0.26562,
        0.26562,
        0.25,
        0.21875,
        0.20312,
        0.20312,
        0.17188,
        0.15625,
        0.14062,
        0.125,
        0.10938,
        0.09375,
        0.07812,
        0.0625,
        0.04688,
        0.03125,
        0.01562,
        0
    ],
    "ImageOrientationPatientDICOM": [
        1,
        4.897e-12,
        0,
        -4.897e-12,
        1,
        0
    ],
    "ImageOrientationText": "Tra",
    "InPlanePhaseEncodingDirectionDICOM": "ROW",
    "BidsGuess": [
        "fmap",
        "_acq-fm2_magnitude1"
    ],
    "ConversionSoftware": "dcm2niix",
    "ConversionSoftwareVersion": "v1.0.20240202",
    "IntendedFor": [
        "func/sub-03_task-main_run-1_bold.nii.gz",
        "func/sub-03_task-main_run-2_bold.nii.gz",
        "func/sub-03_task-main_run-3_bold.nii.gz",
        "func/sub-03_task-main_run-4_bold.nii.gz"
    ]
}