{
    "Modality": "MR",
    "MagneticFieldStrength": 3,
    "ImagingFrequency": 123.148338,
    "Manufacturer": "Siemens",
    "ManufacturersModelName": "Prisma_fit",
    "InstitutionName": "FIL",
    "InstitutionalDepartmentName": "Department",
    "InstitutionAddress": "Queen Square 12,London,Southeast,GB,WC1N 3BG",
    "DeviceSerialNumber": "167032",
    "StationName": "MRC35463",
    "BodyPartExamined": "BRAIN",
    "PatientPosition": "HFS",
    "ProcedureStepDescription": "FIL^AlexBilig",
    "SoftwareVersions": "syngo MR E11",
    "MRAcquisitionType": "2D",
    "SeriesDescription": "gre_field_mapping_1acq_rl_2d",
    "ProtocolName": "gre_field_mapping_1acq_rl_2d",
    "ScanningSequence": "GR",
    "SequenceVariant": "SP",
    "SequenceName": "*fm2d2r",
    "ImageType": [
        "ORIGINAL",
        "PRIMARY",
        "P",
        "ND",
        "PHASE"
    ],
    "NonlinearGradientCorrection": false,
    "SeriesNumber": 5,
    "AcquisitionTime": "10:44:36.897500",
    "AcquisitionNumber": 1,
    "SliceThickness": 2,
    "SpacingBetweenSlices": 3,
    "SAR": 0.177739,
    "EchoNumber": 2,
    "EchoTime": 0.01246,
    "RepetitionTime": 1.02,
    "FlipAngle": 90,
    "EchoTime1": 0.01,
    "EchoTime2": 0.01246,
    "PartialFourier": 1,
    "BaseResolution": 64,
    "ShimSetting": [
        -158,
        -11615,
        -9005,
        611,
        96,
        -58,
        41,
        -6
    ],
    "TxRefAmp": 217.329,
    "PhaseResolution": 1,
    "ReceiveCoilName": "Head_32",
    "ReceiveCoilActiveElements": "HEA;HEP",
    "PulseSequenceDetails": "%SiemensSeq%\\gre_field_mapping",
    "CoilCombinationMethod": "Sum of Squares",
    "ConsistencyInfo": "N4_VE11C_LATEST_20160120",
    "MatrixCoilMode": "SENSE",
    "PercentPhaseFOV": 100,
    "PercentSampling": 100,
    "PhaseEncodingSteps": 64,
    "AcquisitionMatrixPE": 64,
    "ReconMatrixPE": 64,
    "PixelBandwidth": 260,
    "DwellTime": 0.00003,
    "PhaseEncodingDirection": "i",
    "SliceTiming": [
        1.00781,
        0.99219,
        0.97656,
        0.96094,
        0.94531,
        0.92969,
        0.91406,
        0.89062,
        0.88281,
        0.86719,
        0.84375,
        0.82812,
        0.8125,
        0.79688,
        0.78125,
        0.76562,
        0.75,
        0.73438,
        0.71875,
        0.70312,
        0.6875,
        0.67188,
        0.65625,
        0.64062,
        0.625,
        0.60938,
        0.59375,
        0.57812,
        0.5625,
        0.54688,
        0.53125,
        0.51562,
        0.5,
        0.48438,
        0.46094,
        0.45312,
        0.4375,
        0.41406,
        0.39844,
        0.38281,
        0.36719,
        0.35156,
        0.33594,
        0.32031,
        0.30469,
        0.28906,
        0.27344,
        0.25781,
        0.24219,
        0.22656,
        0.21094,
        0.19531,
        0.17969,
        0.16406,
        0.14844,
        0.13281,
        0.11719,
        0.10156,
        0.07812,
        0.07031,
        0.05469,
        0.03125,
        0.01562,
        0
    ],
    "ImageOrientationPatientDICOM": [
        1,
        4.897e-12,
        0,
        -4.897e-12,
        1,
        0
    ],
    "ImageOrientationText": "Tra",
    "InPlanePhaseEncodingDirectionDICOM": "ROW",
    "BidsGuess": [
        "fmap",
        "_acq-fm2_phasediff"
    ],
    "ConversionSoftware": "dcm2niix",
    "ConversionSoftwareVersion": "v1.0.20240202",
    "IntendedFor": [
        "func/sub-09_task-main_run-1_bold.nii.gz",
        "func/sub-09_task-main_run-2_bold.nii.gz",
        "func/sub-09_task-main_run-3_bold.nii.gz",
        "func/sub-09_task-main_run-4_bold.nii.gz"
    ]
}